GEM
  remote: https://rubygems.org/
  specs:
    childprocess (0.6.3)
      ffi (~> 1.0, >= 1.0.11)
    ffi (1.9.18)
    rubyzip (1.2.1)
    selenium-webdriver (3.3.0)
      childprocess (~> 0.5)
      rubyzip (~> 1.0)
      websocket (~> 1.0)
    websocket (1.2.4)

PLATFORMS
  ruby

DEPENDENCIES
  selenium-webdriver

BUNDLED WITH
   1.14.4
